GIT
  remote: https://github.com/sunny/sparkpost_rails.git
  revision: 41bb8a5e8e29359634b9770f31851b83cca0ef9a
  branch: allow-rails-seven
  specs:
    sparkpost_rails (1.5.5)
      actionmailer (>= 4.0, < 8)
      railties (>= 4.0, < 8)

GEM
  remote: https://rubygems.org/
  specs:
    actioncable (7.1.3.2)
      actionpack (= 7.1.3.2)
      activesupport (= 7.1.3.2)
      nio4r (~> 2.0)
      websocket-driver (>= 0.6.1)
      zeitwerk (~> 2.6)
    actionmailbox (7.1.3.2)
      actionpack (= 7.1.3.2)
      activejob (= 7.1.3.2)
      activerecord (= 7.1.3.2)
      activestorage (= 7.1.3.2)
      activesupport (= 7.1.3.2)
      mail (>= 2.7.1)
      net-imap
      net-pop
      net-smtp
    actionmailer (7.1.3.2)
      actionpack (= 7.1.3.2)
      actionview (= 7.1.3.2)
      activejob (= 7.1.3.2)
      activesupport (= 7.1.3.2)
      mail (~> 2.5, >= 2.5.4)
      net-imap
      net-pop
      net-smtp
      rails-dom-testing (~> 2.2)
    actionpack (7.1.3.2)
      actionview (= 7.1.3.2)
      activesupport (= 7.1.3.2)
      nokogiri (>= 1.8.5)
      racc
      rack (>= 2.2.4)
      rack-session (>= 1.0.1)
      rack-test (>= 0.6.3)
      rails-dom-testing (~> 2.2)
      rails-html-sanitizer (~> 1.6)
    actiontext (7.1.3.2)
      actionpack (= 7.1.3.2)
      activerecord (= 7.1.3.2)
      activestorage (= 7.1.3.2)
      activesupport (= 7.1.3.2)
      globalid (>= 0.6.0)
      nokogiri (>= 1.8.5)
    actionview (7.1.3.2)
      activesupport (= 7.1.3.2)
      builder (~> 3.1)
      erubi (~> 1.11)
      rails-dom-testing (~> 2.2)
      rails-html-sanitizer (~> 1.6)
    activejob (7.1.3.2)
      activesupport (= 7.1.3.2)
      globalid (>= 0.3.6)
    activemodel (7.1.3.2)
      activesupport (= 7.1.3.2)
    activerecord (7.1.3.2)
      activemodel (= 7.1.3.2)
      activesupport (= 7.1.3.2)
      timeout (>= 0.4.0)
    activestorage (7.1.3.2)
      actionpack (= 7.1.3.2)
      activejob (= 7.1.3.2)
      activerecord (= 7.1.3.2)
      activesupport (= 7.1.3.2)
      marcel (~> 1.0)
    activesupport (7.1.3.2)
      base64
      bigdecimal
      concurrent-ruby (~> 1.0, >= 1.0.2)
      connection_pool (>= 2.2.5)
      drb
      i18n (>= 1.6, < 2)
      minitest (>= 5.1)
      mutex_m
      tzinfo (~> 2.0)
    ast (2.4.2)
    auto_strip_attributes (2.6.0)
      activerecord (>= 4.0)
    base64 (0.2.0)
    bcrypt (3.1.20)
    better_errors (2.10.1)
      erubi (>= 1.0.0)
      rack (>= 0.9.0)
      rouge (>= 1.0.0)
    bigdecimal (3.1.7)
    bindex (0.8.1)
    bootsnap (1.18.3)
      msgpack (~> 1.2)
    brakeman (6.1.2)
      racc
    builder (3.2.4)
    bullet (7.1.6)
      activesupport (>= 3.0.0)
      uniform_notifier (~> 1.11)
    byebug (11.1.3)
    concurrent-ruby (1.2.3)
    connection_pool (2.4.1)
    crass (1.0.6)
    date (3.3.4)
    devise (4.9.4)
      bcrypt (~> 3.0)
      orm_adapter (~> 0.1)
      railties (>= 4.1.0)
      responders
      warden (~> 1.2.3)
    diff-lcs (1.5.1)
    domain_name (0.6.20240107)
    dotenv (3.1.0)
    drb (2.2.1)
    erubi (1.12.0)
    ffi (1.16.3)
    globalid (1.2.1)
      activesupport (>= 6.1)
    hashid-rails (1.4.1)
      activerecord (>= 4.0)
      hashids (~> 1.0)
    hashids (1.0.6)
    http-accept (1.7.0)
    http-cookie (1.0.5)
      domain_name (~> 0.5)
    i18n (1.14.4)
      concurrent-ruby (~> 1.0)
    io-console (0.7.2)
    irb (1.12.0)
      rdoc
      reline (>= 0.4.2)
    jquery-rails (4.6.0)
      rails-dom-testing (>= 1, < 3)
      railties (>= 4.2.0)
      thor (>= 0.14, < 2.0)
    json (2.7.2)
    language_server-protocol (3.17.0.3)
    listen (3.9.0)
      rb-fsevent (~> 0.10, >= 0.10.3)
      rb-inotify (~> 0.9, >= 0.9.10)
    loofah (2.22.0)
      crass (~> 1.0.2)
      nokogiri (>= 1.12.0)
    mail (2.8.1)
      mini_mime (>= 0.1.1)
      net-imap
      net-pop
      net-smtp
    marcel (1.0.2)
    mime-types (3.5.2)
      mime-types-data (~> 3.2015)
    mime-types-data (3.2024.0206)
    mini_mime (1.1.5)
    mini_portile2 (2.8.6)
    minitest (5.22.3)
    mono_logger (1.1.2)
    msgpack (1.7.2)
    multi_json (1.15.0)
    mustermann (3.0.0)
      ruby2_keywords (~> 0.0.1)
    mutex_m (0.2.0)
    net-imap (0.4.10)
      date
      net-protocol
    net-pop (0.1.2)
      net-protocol
    net-protocol (0.2.2)
      timeout
    net-smtp (0.4.0.1)
      net-protocol
    netrc (0.11.0)
    nio4r (2.7.0)
    nokogiri (1.16.4)
      mini_portile2 (~> 2.8.2)
      racc (~> 1.4)
    nokogiri (1.16.4-x86_64-darwin)
      racc (~> 1.4)
    orm_adapter (0.5.0)
    paper_trail (15.1.0)
      activerecord (>= 6.1)
      request_store (~> 1.4)
    parallel (1.24.0)
    parser (3.3.1.0)
      ast (~> 2.4.1)
      racc
    pg (1.5.6)
    psych (5.1.2)
      stringio
    puma (6.4.2)
      nio4r (~> 2.0)
    racc (1.7.3)
    rack (2.2.9)
    rack-protection (3.1.0)
      rack (~> 2.2, >= 2.2.4)
    rack-session (1.0.2)
      rack (< 3)
    rack-test (2.1.0)
      rack (>= 1.3)
    rackup (1.0.0)
      rack (< 3)
      webrick
    rails (7.1.3.2)
      actioncable (= 7.1.3.2)
      actionmailbox (= 7.1.3.2)
      actionmailer (= 7.1.3.2)
      actionpack (= 7.1.3.2)
      actiontext (= 7.1.3.2)
      actionview (= 7.1.3.2)
      activejob (= 7.1.3.2)
      activemodel (= 7.1.3.2)
      activerecord (= 7.1.3.2)
      activestorage (= 7.1.3.2)
      activesupport (= 7.1.3.2)
      bundler (>= 1.15.0)
      railties (= 7.1.3.2)
    rails-dom-testing (2.2.0)
      activesupport (>= 5.0.0)
      minitest
      nokogiri (>= 1.6)
    rails-html-sanitizer (1.6.0)
      loofah (~> 2.21)
      nokogiri (~> 1.14)
    railties (7.1.3.2)
      actionpack (= 7.1.3.2)
      activesupport (= 7.1.3.2)
      irb
      rackup (>= 1.0.0)
      rake (>= 12.2)
      thor (~> 1.0, >= 1.2.2)
      zeitwerk (~> 2.6)
    rainbow (3.1.1)
    rake (13.2.1)
    rb-fsevent (0.11.2)
    rb-inotify (0.10.1)
      ffi (~> 1.0)
    rdoc (6.6.3.1)
      psych (>= 4.0.0)
    redis (5.0.7)
      redis-client (>= 0.9.0)
    redis-client (0.16.0)
      connection_pool
    redis-namespace (1.11.0)
      redis (>= 4)
    regexp_parser (2.9.0)
    reline (0.5.1)
      io-console (~> 0.5)
    request_store (1.5.1)
      rack (>= 1.4)
    responders (3.1.1)
      actionpack (>= 5.2)
      railties (>= 5.2)
    resque (2.6.0)
      mono_logger (~> 1.0)
      multi_json (~> 1.0)
      redis-namespace (~> 1.6)
      sinatra (>= 0.9.2)
    rest-client (2.1.0)
      http-accept (>= 1.7.0, < 2.0)
      http-cookie (>= 1.0.2, < 2.0)
      mime-types (>= 1.16, < 4.0)
      netrc (~> 0.8)
    rexml (3.2.6)
    rouge (4.1.2)
    rspec-core (3.13.0)
      rspec-support (~> 3.13.0)
    rspec-expectations (3.13.0)
      diff-lcs (>= 1.2.0, < 2.0)
      rspec-support (~> 3.13.0)
    rspec-mocks (3.13.0)
      diff-lcs (>= 1.2.0, < 2.0)
      rspec-support (~> 3.13.0)
    rspec-rails (6.1.2)
      actionpack (>= 6.1)
      activesupport (>= 6.1)
      railties (>= 6.1)
      rspec-core (~> 3.13)
      rspec-expectations (~> 3.13)
      rspec-mocks (~> 3.13)
      rspec-support (~> 3.13)
    rspec-support (3.13.1)
    rubocop (1.60.2)
      json (~> 2.3)
      language_server-protocol (>= 3.17.0)
      parallel (~> 1.10)
      parser (>= 3.3.0.2)
      rainbow (>= 2.2.2, < 4.0)
      regexp_parser (>= 1.8, < 3.0)
      rexml (>= 3.2.5, < 4.0)
      rubocop-ast (>= 1.30.0, < 2.0)
      ruby-progressbar (~> 1.7)
      unicode-display_width (>= 2.4.0, < 3.0)
    rubocop-ast (1.31.3)
      parser (>= 3.3.1.0)
    rubocop-capybara (2.20.0)
      rubocop (~> 1.41)
    rubocop-factory_bot (2.25.1)
      rubocop (~> 1.41)
    rubocop-performance (1.21.0)
      rubocop (>= 1.48.1, < 2.0)
      rubocop-ast (>= 1.31.1, < 2.0)
    rubocop-rails (2.24.1)
      activesupport (>= 4.2.0)
      rack (>= 1.1)
      rubocop (>= 1.33.0, < 2.0)
      rubocop-ast (>= 1.31.1, < 2.0)
    rubocop-rspec (2.29.2)
      rubocop (~> 1.40)
      rubocop-capybara (~> 2.17)
      rubocop-factory_bot (~> 2.22)
      rubocop-rspec_rails (~> 2.28)
    rubocop-rspec_rails (2.28.3)
      rubocop (~> 1.40)
    rubocop-thread_safety (0.5.1)
      rubocop (>= 0.90.0)
    ruby-progressbar (1.13.0)
    ruby2_keywords (0.0.5)
    ruumba (0.1.17)
      rubocop
    sentry-rails (5.17.3)
      railties (>= 5.0)
      sentry-ruby (~> 5.17.3)
    sentry-ruby (5.17.3)
      bigdecimal
      concurrent-ruby (~> 1.0, >= 1.0.2)
    sinatra (3.1.0)
      mustermann (~> 3.0)
      rack (~> 2.2, >= 2.2.4)
      rack-protection (= 3.1.0)
      tilt (~> 2.0)
    sprockets (4.1.1)
      concurrent-ruby (~> 1.0)
      rack (> 1, < 3)
    sprockets-rails (3.4.2)
      actionpack (>= 5.2)
      activesupport (>= 5.2)
      sprockets (>= 3.0.0)
    stringio (3.1.0)
    thor (1.3.1)
    tilt (2.2.0)
    timeout (0.4.1)
    traceroute (0.8.1)
      rails (>= 3.0.0)
    transloadit (3.0.2)
      mime-types
      multi_json
      rest-client
    tzinfo (2.0.6)
      concurrent-ruby (~> 1.0)
    unicode-display_width (2.5.0)
    uniform_notifier (1.16.0)
    warden (1.2.9)
      rack (>= 2.0.9)
    web-console (4.2.1)
      actionview (>= 6.0.0)
      activemodel (>= 6.0.0)
      bindex (>= 0.4.0)
      railties (>= 6.0.0)
    webrick (1.8.1)
    websocket-driver (0.7.6)
      websocket-extensions (>= 0.1.0)
    websocket-extensions (0.1.5)
    zeitwerk (2.6.13)

PLATFORMS
  ruby
  x86_64-darwin-19

DEPENDENCIES
  auto_strip_attributes
  better_errors
  bootsnap
  brakeman
  bullet
  byebug
  devise
  dotenv
  hashid-rails
  jquery-rails
  listen
  nokogiri
  paper_trail
  pg
  puma
  rails
  resque
  rspec-rails
  rubocop
  rubocop-performance
  rubocop-rails
  rubocop-rspec
  rubocop-thread_safety
  ruumba
  sentry-rails
  sentry-ruby
  sparkpost_rails!
  sprockets-rails
  traceroute
  transloadit
  web-console

RUBY VERSION
   ruby 3.2.3p157

BUNDLED WITH
   2.4.13
